GEM
  remote: http://rubygems.org/
  specs:
    builder (3.0.0)
    coderay (0.9.8)
    karakuri (0.1.2)
    nokogiri (1.5.0)
    rack (1.3.2)
    rack-codehighlighter (0.5.0)
      nokogiri (>= 1.4.1)
      rack (>= 1.0.0)
    rdiscount (1.6.8)
    toto (0.4.9)
      builder
      rack
      rdiscount

PLATFORMS
  ruby

DEPENDENCIES
  builder
  coderay
  karakuri
  rack-codehighlighter
  rdiscount
  toto
